GIT
  remote: git@github.com:awesome-print/awesome_print.git
  revision: 4564fd74721562cbef2443f7d97109bf9192343d
  specs:
    awesome_print (1.8.0)

PATH
  remote: .
  specs:
    Find_A_Park_cli (0.1.0)

GEM
  remote: https://rubygems.org/
  specs:
    addressable (2.3.8)
    coderay (1.1.2)
    faraday (0.9.2)
      multipart-post (>= 1.2, < 3)
    hashie (4.1.0)
    method_source (1.0.0)
    mini_portile2 (2.4.0)
    multipart-post (2.1.1)
    nokogiri (1.10.4)
      mini_portile2 (~> 2.4.0)
    octokit (2.7.2)
      sawyer (~> 0.5.2)
    pry (0.13.0)
      coderay (~> 1.1)
      method_source (~> 1.0)
    rack (1.6.13)
    rack-protection (1.5.5)
      rack
    rake (13.0.1)
    sawyer (0.5.5)
      addressable (~> 2.3.5)
      faraday (~> 0.8, < 0.10)
    sinatra (1.4.4)
      rack (~> 1.4)
      rack-protection (~> 1.4)
      tilt (~> 1.3, >= 1.3.4)
    tilt (1.4.1)

PLATFORMS
  ruby

DEPENDENCIES
  Find_A_Park_cli!
  awesome_print!
  bundler (~> 2.0)
  hashie
  nokogiri (= 1.10.4)
  octokit (~> 2.0)
  pry
  rake (~> 13.0)
  sinatra (= 1.4.4)

BUNDLED WITH
   2.0.1
